PATH
  remote: ../object-stream
  specs:
    object-stream (0.5)
      msgpack (~> 1)
      yajl-ruby (~> 1)

PATH
  remote: .
  specs:
    funl (0.10)
      nio4r (~> 1.0)
      object-stream (~> 0)

GEM
  remote: http://www.rubygems.org/
  specs:
    binding_of_caller (1.0.0)
      debug_inspector (>= 0.0.1)
    coderay (1.1.3)
    debug_inspector (1.1.0)
    interception (0.5)
    method_source (1.0.0)
    minitest (5.15.0)
    msgpack (1.6.0)
    nio4r (1.2.1)
    pry (0.14.2)
      coderay (~> 1.1)
      method_source (~> 1.0)
    pry-rescue (1.5.2)
      interception (>= 0.5)
      pry (>= 0.12.0)
    pry-stack_explorer (0.6.1)
      binding_of_caller (~> 1.0)
      pry (~> 0.13)
    rake (13.0.6)
    yajl-ruby (1.4.3)

PLATFORMS
  x86_64-linux

DEPENDENCIES
  funl!
  minitest
  object-stream!
  pry
  pry-rescue
  pry-stack_explorer
  rake

BUNDLED WITH
   2.3.26
